GEM
  remote: https://rubygems.org/
  specs:
    minitest (5.11.3)

PLATFORMS
  ruby
  x86_64-linux

DEPENDENCIES
  minitest (~> 5.11, >= 5.11.3)

RUBY VERSION
   ruby 2.6.1p33

BUNDLED WITH
   1.17.2
